GEM
  remote: http://rubygems.org/
  specs:
    ZenTest (4.6.0)
    autotest-growl (0.2.9)
    diff-lcs (1.1.2)
    git (1.2.5)
    jeweler (1.6.4)
      bundler (~> 1.0)
      git (>= 1.2.5)
      rake
    rake (0.9.2)
    rcov (0.9.9)
    rspec (2.6.0)
      rspec-core (~> 2.6.0)
      rspec-expectations (~> 2.6.0)
      rspec-mocks (~> 2.6.0)
    rspec-core (2.6.4)
    rspec-expectations (2.6.0)
      diff-lcs (~> 1.1.2)
    rspec-mocks (2.6.0)
    ruby_events (1.1.0)
    shoulda (2.11.3)

PLATFORMS
  ruby

DEPENDENCIES
  ZenTest
  autotest-growl
  bundler (>= 1.0.0)
  jeweler (~> 1.6.4)
  rcov
  rspec
  ruby_events
  shoulda
